GEM
  remote: http://rubygems.org/
  remote: http://gems.github.com/
  specs:
    ad_agency (0.1.2)
    gemcutter (0.7.0)
    git (1.2.5)
    jeweler (1.6.3)
      bundler (~> 1.0)
      git (>= 1.2.5)
      rake
    rake (0.9.2)

PLATFORMS
  ruby

DEPENDENCIES
  ad_agency (= 0.1.2)
  bundler (= 1.0.15)
  gemcutter (= 0.7.0)
  jeweler (= 1.6.3)
